GEM
  specs:

PLATFORMS
  -darwin-20

DEPENDENCIES

BUNDLED WITH
   2.2.4
